PATH
  remote: .
  specs:
    code_owners (2.0.1)
      pathspec
      rake

GEM
  remote: http://rubygems.org/
  specs:
    diff-lcs (1.5.0)
    pathspec (0.2.1)
    rake (13.0.6)
    rspec (3.11.0)
      rspec-core (~> 3.11.0)
      rspec-expectations (~> 3.11.0)
      rspec-mocks (~> 3.11.0)
    rspec-core (3.11.0)
      rspec-support (~> 3.11.0)
    rspec-expectations (3.11.0)
      diff-lcs (>= 1.2.0, < 2.0)
      rspec-support (~> 3.11.0)
    rspec-mocks (3.11.1)
      diff-lcs (>= 1.2.0, < 2.0)
      rspec-support (~> 3.11.0)
    rspec-support (3.11.0)

PLATFORMS
  ruby

DEPENDENCIES
  code_owners!
  rspec

BUNDLED WITH
   1.17.3
